GEM
  remote: https://rubygems.org/
  specs:
    foreman (0.78.0)
      thor (~> 0.19.1)
    haml (4.0.7)
      tilt
    pg (0.18.2)
    rack (1.6.4)
    rack-protection (1.5.3)
      rack
    sequel (4.25.0)
    sinatra (1.4.6)
      rack (~> 1.4)
      rack-protection (~> 1.4)
      tilt (>= 1.3, < 3)
    thor (0.19.1)
    tilt (2.0.1)

PLATFORMS
  ruby

DEPENDENCIES
  foreman
  haml
  pg
  sequel
  sinatra

BUNDLED WITH
   1.10.6
